GEM
  remote: https://rubygems.org/
  specs:
    addressable (2.4.0)
    crack (0.4.3)
      safe_yaml (~> 1.0.0)
    faraday (0.9.2)
      multipart-post (>= 1.2, < 3)
    finer_struct (0.1.0)
    hashdiff (0.3.0)
    metaclass (0.0.4)
    mocha (1.1.0)
      metaclass (~> 0.0.1)
    multipart-post (2.0.0)
    power_assert (0.3.0)
    rake (11.2.2)
    safe_yaml (1.0.4)
    test-unit (3.2.1)
      power_assert
    vcr (3.0.3)
    webmock (2.1.0)
      addressable (>= 2.3.6)
      crack (>= 0.3.2)
      hashdiff

PLATFORMS
  ruby

DEPENDENCIES
  faraday
  finer_struct
  mocha
  rake
  test-unit
  vcr
  webmock

BUNDLED WITH
   1.12.5
